{
  "TaskName": "Resting_state",
	"Modality": "MR",
	"MagneticFieldStrength": 3,
	"Manufacturer": "Siemens",
	"ManufacturersModelName": "Prisma",
	"InstitutionName": "Cermep",
	"InstitutionalDepartmentName": "Department",
	"InstitutionAddress": "Bd_Pinel_59_Bron_District_FR_69500",
	"DeviceSerialNumber": "66012",
	"StationName": "AWP66012",
	"BodyPartExamined": "BRAIN",
	"PatientPosition": "HFS",
	"ProcedureStepDescription": "HUMAINS_CANDI",
	"SoftwareVersions": "syngo_MR_E11",
	"MRAcquisitionType": "2D",
	"SeriesDescription": "RUN1_LeakBlockOn_PA",
	"ProtocolName": "RUN1_LeakBlockOn_PA",
	"ScanningSequence": "EP",
	"SequenceVariant": "SK_SS",
	"ScanOptions": "FS_EXT",
	"SequenceName": "epfid2d1_80",
	"ImageType": ["ORIGINAL", "PRIMARY", "M", "MB", "ND", "MOSAIC"],
	"SeriesNumber": 23,
	"AcquisitionTime": "14:08:55.055000",
	"AcquisitionNumber": 1,
	"ImageComments": "Unaliased_MB4_PE3_LB",
	"SliceThickness": 2.6,
	"SpacingBetweenSlices": 2.6,
	"SAR": 0.0479985,
	"EchoTime": 0.03,
	"RepetitionTime": 1,
	"FlipAngle": 60,
	"PartialFourier": 1,
	"BaseResolution": 80,
	"ShimSetting": [
		-4615,
		-3291,
		4050,
		708,
		99,
		79,
		36,
		-8	],
	"TxRefAmp": 222.128,
	"PhaseResolution": 1,
	"ReceiveCoilName": "HeadNeck_64",
	"ReceiveCoilActiveElements": "HC1-7;NC1",
	"PulseSequenceDetails": "%CustomerSeq%_cmrr_mbep2d_bold",
	"ConsistencyInfo": "N4_VE11C_LATEST_20160120",
	"MultibandAccelerationFactor": 4,
	"PercentPhaseFOV": 100,
	"EchoTrainLength": 80,
	"PhaseEncodingSteps": 80,
	"AcquisitionMatrixPE": 80,
	"ReconMatrixPE": 80,
	"BandwidthPerPixelPhaseEncode": 21.552,
	"EffectiveEchoSpacing": 0.000579993,
	"DerivedVendorReportedEchoSpacing": 0.000579993,
	"TotalReadoutTime": 0.0458194,
	"PixelBandwidth": 2085,
	"DwellTime": 3e-06,
	"PhaseEncodingDirection": "j",
	"SliceTiming": [
		0,
		0.21,
		0.42,
		0.63,
		0.84,
		0.07,
		0.28,
		0.49,
		0.7,
		0.91,
		0.14,
		0.35,
		0.56,
		0.77,
		0,
		0.21,
		0.42,
		0.63,
		0.84,
		0.07,
		0.28,
		0.49,
		0.7,
		0.91,
		0.14,
		0.35,
		0.56,
		0.77,
		0,
		0.21,
		0.42,
		0.63,
		0.84,
		0.07,
		0.28,
		0.49,
		0.7,
		0.91,
		0.14,
		0.35,
		0.56,
		0.77,
		0,
		0.21,
		0.42,
		0.63,
		0.84,
		0.07,
		0.28,
		0.49,
		0.7,
		0.91,
		0.14,
		0.35,
		0.56,
		0.77	],
	"ImageOrientationPatientDICOM": [
		0.998615,
		-0.051745,
		0.00955789,
		0.0523351,
		0.995566,
		-0.0781652	],
	"InPlanePhaseEncodingDirectionDICOM": "COL",
	"ConversionSoftware": "dcm2niix",
	"ConversionSoftwareVersion": "v1.0.20180622 (JP2:OpenJPEG) GCC6.1.0"
}
