{
	"Modality": "MR",
	"MagneticFieldStrength": 3,
	"Manufacturer": "Siemens",
	"ManufacturersModelName": "Prisma",
	"InstitutionName": "Cermep",
	"InstitutionalDepartmentName": "Department",
	"InstitutionAddress": "Bd_Pinel_59_Bron_District_FR_69500",
	"DeviceSerialNumber": "66012",
	"StationName": "AWP66012",
	"BodyPartExamined": "BRAIN",
	"PatientPosition": "HFS",
	"ProcedureStepDescription": "HUMAINS_CANDI",
	"SoftwareVersions": "syngo_MR_E11",
	"MRAcquisitionType": "3D",
	"SeriesDescription": "T1_SAG_0.8_p2_TR3000_TI1100",
	"ProtocolName": "T1_SAG_0.8_p2_TR3000_TI1100",
	"ScanningSequence": "GR_IR",
	"SequenceVariant": "SK_SP_MP",
	"ScanOptions": "IR_WE",
	"SequenceName": "_tfl3d1_16ns",
	"ImageType": ["ORIGINAL", "PRIMARY", "M", "ND", "NORM"],
	"SeriesNumber": 7,
	"AcquisitionTime": "13:50:18.282500",
	"AcquisitionNumber": 1,
	"SliceThickness": 0.8,
	"SAR": 0.0264578,
	"EchoTime": 0.0037,
	"RepetitionTime": 3,
	"InversionTime": 1.1,
	"FlipAngle": 8,
	"PartialFourier": 1,
	"BaseResolution": 320,
	"ShimSetting": [
		-4631,
		-3353,
		3976,
		311,
		25,
		-256,
		-51,
		-87	],
	"TxRefAmp": 222.128,
	"PhaseResolution": 1,
	"ReceiveCoilName": "HeadNeck_64",
	"ReceiveCoilActiveElements": "HC1-7;NC1,2",
	"PulseSequenceDetails": "%SiemensSeq%_tfl",
	"ConsistencyInfo": "N4_VE11C_LATEST_20160120",
	"PercentPhaseFOV": 87.5,
	"PhaseEncodingSteps": 279,
	"AcquisitionMatrixPE": 280,
	"ReconMatrixPE": 320,
	"ParallelReductionFactorInPlane": 2,
	"PixelBandwidth": 180,
	"DwellTime": 8.7e-06,
	"ImageOrientationPatientDICOM": [
		0.0817355,
		0.996396,
		0.0226866,
		-0.00595083,
		0.0232503,
		-0.999712	],
	"InPlanePhaseEncodingDirectionDICOM": "ROW",
	"ConversionSoftware": "dcm2niix",
	"ConversionSoftwareVersion": "v1.0.20180622 (JP2:OpenJPEG) GCC6.1.0"
}
